GEM
  remote: http://rubygems.org/
  specs:
    activesupport (5.0.1)
      concurrent-ruby (~> 1.0, >= 1.0.2)
      i18n (~> 0.7)
      minitest (~> 5.1)
      tzinfo (~> 1.1)
    aws-sdk (2.6.1)
      aws-sdk-resources (= 2.6.1)
    aws-sdk-core (2.6.1)
      jmespath (~> 1.0)
    aws-sdk-resources (2.6.1)
      aws-sdk-core (= 2.6.1)
    axiom-types (0.1.1)
      descendants_tracker (~> 0.0.4)
      ice_nine (~> 0.11.0)
      thread_safe (~> 0.3, >= 0.3.1)
    coercible (1.0.0)
      descendants_tracker (~> 0.0.1)
    concurrent-ruby (1.0.4)
    descendants_tracker (0.0.4)
      thread_safe (~> 0.3, >= 0.3.1)
    dogapi (1.23.0)
      multi_json
    equalizer (0.0.11)
    facets (3.1.0)
    faraday (0.11.0)
      multipart-post (>= 1.2, < 3)
    faraday_middleware (0.11.0.1)
      faraday (>= 0.7.4, < 1.0)
    gli (2.15.0)
    hashie (3.4.6)
    i18n (0.7.0)
    ice_nine (0.11.2)
    jmespath (1.3.1)
    json (2.0.3)
    minitest (5.10.1)
    multi_json (1.12.1)
    multipart-post (2.0.0)
    slack-ruby-client (0.7.8)
      activesupport
      faraday (>= 0.9)
      faraday_middleware
      gli
      hashie
      json
      websocket-driver
    thor (0.19.1)
    thread_safe (0.3.5)
    tzinfo (1.2.2)
      thread_safe (~> 0.1)
    virtus (1.0.5)
      axiom-types (~> 0.1)
      coercible (~> 1.0)
      descendants_tracker (~> 0.0, >= 0.0.3)
      equalizer (~> 0.0, >= 0.0.9)
    websocket-driver (0.6.5)
      websocket-extensions (>= 0.1.0)
    websocket-extensions (0.1.2)

PLATFORMS
  ruby

DEPENDENCIES
  aws-sdk (~> 2.6)
  dogapi (~> 1.23)
  facets (~> 3.1)
  json (~> 2.0)
  slack-ruby-client (~> 0.7)
  thor (~> 0.19)
  virtus (~> 1.0)

BUNDLED WITH
   1.12.5
