GEM
  remote: http://rubygems.org/
  specs:
    aws-sdk (2.6.1)
      aws-sdk-resources (= 2.6.1)
    aws-sdk-core (2.6.1)
      jmespath (~> 1.0)
    aws-sdk-resources (2.6.1)
      aws-sdk-core (= 2.6.1)
    axiom-types (0.1.1)
      descendants_tracker (~> 0.0.4)
      ice_nine (~> 0.11.0)
      thread_safe (~> 0.3, >= 0.3.1)
    coercible (1.0.0)
      descendants_tracker (~> 0.0.1)
    descendants_tracker (0.0.4)
      thread_safe (~> 0.3, >= 0.3.1)
    dogapi (1.23.0)
      multi_json
    equalizer (0.0.11)
    facets (3.1.0)
    ice_nine (0.11.2)
    jmespath (1.3.1)
    multi_json (1.12.1)
    thor (0.19.1)
    thread_safe (0.3.5)
    virtus (1.0.5)
      axiom-types (~> 0.1)
      coercible (~> 1.0)
      descendants_tracker (~> 0.0, >= 0.0.3)
      equalizer (~> 0.0, >= 0.0.9)

PLATFORMS
  ruby

DEPENDENCIES
  aws-sdk (~> 2.6)
  dogapi (~> 1.23.0)
  facets (~> 3.1.0)
  thor (~> 0.19.1)
  virtus (~> 1.0.5)
